GEM
  remote: https://rubygems.org/
  specs:
    ansi (1.5.0)
    builder (3.2.3)
    minitest (5.10.1)
    minitest-reporters (1.1.14)
      ansi
      builder
      minitest (>= 5.0)
      ruby-progressbar
    minitest-spec (0.0.2.1)
      minitest (>= 3.0)
    rake (12.3.3)
    ruby-progressbar (1.8.1)

PLATFORMS
  ruby

DEPENDENCIES
  minitest
  minitest-reporters
  minitest-spec
  rake

BUNDLED WITH
   1.11.2
